GEM
  remote: http://rubygems.org/
  specs:
    digest (0.0.1)
    json (1.8.1)
    mime-types (2.2)
    rest-client (1.6.7)
      mime-types (>= 1.16)
    uirusu (0.0.6)
      json (>= 1.5.1)
      rest-client (>= 1.6.1)

PLATFORMS
  ruby

DEPENDENCIES
  digest
  uirusu
